GEM
  remote: https://rubygems.org/
  specs:
    coderay (1.1.2)
    connection_pool (2.2.2)
    diff-lcs (1.3)
    domain_name (0.5.20190701)
      unf (>= 0.0.5, < 1.0.0)
    dotenv (2.7.5)
    http-cookie (1.0.3)
      domain_name (~> 0.5)
    mechanize (2.7.6)
      domain_name (~> 0.5, >= 0.5.1)
      http-cookie (~> 1.0)
      mime-types (>= 1.17.2)
      net-http-digest_auth (~> 1.1, >= 1.1.1)
      net-http-persistent (>= 2.5.2)
      nokogiri (~> 1.6)
      ntlm-http (~> 0.1, >= 0.1.1)
      webrobots (>= 0.0.9, < 0.2)
    method_source (0.9.2)
    mime-types (3.3.1)
      mime-types-data (~> 3.2015)
    mime-types-data (3.2019.1009)
    mini_portile2 (2.6.1)
    net-http-digest_auth (1.4.1)
    net-http-persistent (3.1.0)
      connection_pool (~> 2.2)
    nokogiri (1.12.5)
      mini_portile2 (~> 2.6.1)
      racc (~> 1.4)
    ntlm-http (0.1.1)
    pry (0.12.2)
      coderay (~> 1.1.0)
      method_source (~> 0.9.0)
    racc (1.5.2)
    rspec (3.9.0)
      rspec-core (~> 3.9.0)
      rspec-expectations (~> 3.9.0)
      rspec-mocks (~> 3.9.0)
    rspec-core (3.9.1)
      rspec-support (~> 3.9.1)
    rspec-expectations (3.9.0)
      diff-lcs (>= 1.2.0, < 2.0)
      rspec-support (~> 3.9.0)
    rspec-mocks (3.9.1)
      diff-lcs (>= 1.2.0, < 2.0)
      rspec-support (~> 3.9.0)
    rspec-support (3.9.2)
    unf (0.1.4)
      unf_ext
    unf_ext (0.0.7.6)
    webrobots (0.1.2)

PLATFORMS
  ruby

DEPENDENCIES
  dotenv
  mechanize
  nokogiri (>= 1.10.4)
  pry
  rspec

RUBY VERSION
   ruby 2.5.1p57

BUNDLED WITH
   1.17.3
